NRRD0001
content: aneurism
type: float
dimension: 3
sizes: 256 256 100
spacings: 1 1 1
data file: ./aneurism_256x256x256.raw
encoding: raw

